GEM
  remote: http://rubygems.org/
  specs:
    ZenTest (4.8.1)
    autotest-fsevent (0.2.8)
      sys-uname
    diff-lcs (1.1.3)
    ffi (1.0.11)
    ffi (1.0.11-java)
    hike (1.2.1)
    hoe (3.0.6)
      rake (~> 0.8)
    hoe-bundler (1.1.0)
      hoe (>= 2.2.0)
    hoe-gemspec (1.0.0)
      hoe (>= 2.2.0)
    hoe-git (1.5.0)
      hoe (>= 2.2.0)
    multi_json (1.3.6)
    rack (1.4.1)
    rake (0.9.2.2)
    redis (3.0.1)
    rspec (2.10.0)
      rspec-core (~> 2.10.0)
      rspec-expectations (~> 2.10.0)
      rspec-mocks (~> 2.10.0)
    rspec-core (2.10.1)
    rspec-expectations (2.10.0)
      diff-lcs (~> 1.1.3)
    rspec-mocks (2.10.1)
    sass (3.1.19)
    simplecov (0.6.4)
      multi_json (~> 1.0)
      simplecov-html (~> 0.5.3)
    simplecov-html (0.5.3)
    slim (1.2.2)
      temple (~> 0.4.0)
      tilt (~> 1.3.3)
    sprockets (2.4.3)
      hike (~> 1.2)
      multi_json (~> 1.0)
      rack (~> 1.0)
      tilt (~> 1.1, != 1.3.0)
    sys-uname (0.9.0)
      ffi (>= 1.0.0)
    temple (0.4.0)
    tilt (1.3.3)

PLATFORMS
  java
  ruby

DEPENDENCIES
  ZenTest
  autotest-fsevent
  hoe
  hoe-bundler
  hoe-gemspec
  hoe-git
  redis (>= 3.0.1)
  rspec
  sass
  simplecov
  slim
  sprockets
