GEM
  remote: http://rubygems.org/
  specs:
    ZenTest (4.6.2)
    autotest-fsevent (0.2.8)
      sys-uname
    diff-lcs (1.1.3)
    ffi (1.0.11)
    hoe (2.15.0)
      rake (~> 0.8)
    hoe-bundler (1.1.0)
      hoe (>= 2.2.0)
    hoe-gemspec (1.0.0)
      hoe (>= 2.2.0)
    hoe-git (1.4.1)
      hoe (>= 2.2.0)
    multi_json (1.1.0)
    rake (0.9.2.2)
    redis (2.2.2)
    rspec (2.8.0)
      rspec-core (~> 2.8.0)
      rspec-expectations (~> 2.8.0)
      rspec-mocks (~> 2.8.0)
    rspec-core (2.8.0)
    rspec-expectations (2.8.0)
      diff-lcs (~> 1.1.2)
    rspec-mocks (2.8.0)
    simplecov (0.6.1)
      multi_json (~> 1.0)
      simplecov-html (~> 0.5.3)
    simplecov-html (0.5.3)
    sys-uname (0.9.0)
      ffi (>= 1.0.0)

PLATFORMS
  ruby

DEPENDENCIES
  ZenTest
  autotest-fsevent
  hoe
  hoe-bundler
  hoe-gemspec
  hoe-git
  redis
  rspec
  simplecov
